NUGET
  remote: https://www.nuget.org/api/v2
  specs:
    dotNetRDF (1.0.9.3683)
      HtmlAgilityPack (>= 1.4.9) - framework: >= net35
      Newtonsoft.Json (>= 6.0.8) - framework: >= net35, portable-net40+sl40+win+wp80+monoandroid10+monotouch10
      VDS.Common (1.6) - framework: >= net35, portable-net40+sl40+win+wp80+monoandroid10+monotouch10
    FAKE (4.3.4)
    FSharp.Compiler.Service (1.4.0.4)
    FSharp.Data (2.2.5)
      Zlib.Portable (>= 1.10) - framework: >= net40, portable-net40+sl50+wp80+win80
    FSharp.Formatting (2.8)
      FSharp.Compiler.Service (>= 0.0.86)
      FSharpVSPowerTools.Core (>= 1.7)
    FSharp.RDF (1.1.4)
    FSharpVSPowerTools.Core (1.7)
      FSharp.Compiler.Service (>= 0.0.81)
    HtmlAgilityPack (1.4.9) - framework: >= net35
    Microsoft.Bcl (1.1.10) - framework: net10, net11, net20, net30, net35, net40, net40-full
      Microsoft.Bcl.Build (>= 1.0.14)
    Microsoft.Bcl.Build (1.0.21) - import_targets: false, framework: net10, net11, net20, net30, net35, net40, net40-full
    Microsoft.Net.Http (2.2.29) - framework: net10, net11, net20, net30, net35, net40, net40-full
      Microsoft.Bcl (>= 1.1.10)
      Microsoft.Bcl.Build (>= 1.0.14)
    Newtonsoft.Json (7.0.1) - framework: >= net35, portable-net40+sl40+win+wp80+monoandroid10+monotouch10
    NICE.Freya (1.3.20)
    NUnit (2.6.4)
    NUnit.Runners (2.6.4)
    Octokit (0.14)
      Microsoft.Net.Http  - framework: net10, net11, net20, net30, net35, net40, net40-full
    SourceLink.Fake (1.1)
    UnionArgParser (0.6.3)
    VDS.Common (1.6) - framework: >= net35, portable-net40+sl40+win+wp80+monoandroid10+monotouch10
    Zlib.Portable (1.11) - framework: >= net40, portable-net40+sl50+wp80+win80
GITHUB
  remote: fsharp/FAKE
  specs:
    modules/Octokit/Octokit.fsx (32e262c11174b196dc8af16a577c8c3aa0ab0b2b)
      Octokit