NUGET
  remote: https://nuget.org/api/v2
  specs:
    dotNetRDF (1.0.8.3533)
      HtmlAgilityPack (>= 1.4.9) - framework: >= net35, >= net35, >= net40, >= net40
      Newtonsoft.Json (>= 6.0.8) - framework: portable-net40+sl40+win+wp80+MonoAndroid10+MonoTouch10, >= net35, >= net35, >= net40, >= net40
      VDS.Common (1.5.0) - framework: portable-net40+sl40+win+wp80+MonoAndroid10+MonoTouch10, >= net35, >= net35, >= net40, >= net40
    FAKE (3.27.6)
    FSharp.Compiler.Service (0.0.87)
    FSharp.Data (2.2.0)
      Zlib.Portable (>= 1.10.0) - framework: portable-net40+sl50+wp80+win80
    FSharp.Formatting (2.8.0)
      FSharp.Compiler.Service (>= 0.0.86)
      FSharpVSPowerTools.Core (>= 1.7.0)
    FSharp.RDF (1.0.35)
      FSharpx.Core
      dotNetRDF
    FSharpVSPowerTools.Core (1.7.0)
      FSharp.Compiler.Service (>= 0.0.81)
    FSharpx.Core (1.8.41)
    HtmlAgilityPack (1.4.9) - framework: >= net35, >= net35, >= net40, >= net40
    Microsoft.Bcl (1.1.10)
      Microsoft.Bcl.Build (>= 1.0.14)
    Microsoft.Bcl.Build (1.0.21)
    Microsoft.Net.Http (2.2.29)
      Microsoft.Bcl (>= 1.1.10)
      Microsoft.Bcl.Build (>= 1.0.14)
    Newtonsoft.Json (6.0.8) - framework: portable-net40+sl40+win+wp80+MonoAndroid10+MonoTouch10, >= net35, >= net35, >= net40, >= net40
    NUnit (2.6.4)
    NUnit.Runners (2.6.4)
    Octokit (0.9.0)
      Microsoft.Net.Http
    SourceLink.Fake (0.5.0)
    UnionArgParser (0.8.6)
    VDS.Common (1.5.0) - framework: portable-net40+sl40+win+wp80+MonoAndroid10+MonoTouch10, >= net35, >= net35, >= net40, >= net40
    Zlib.Portable (1.10.0) - framework: portable-net40+sl50+wp80+win80
GITHUB
  remote: fsharp/FAKE
  specs:
    modules/Octokit/Octokit.fsx (97a4f822ae28d612566c5338d90ac79bcd936a2d)
      Octokit